GEM
  remote: https://rubygems.org/
  specs:
    actionmailer (4.0.5)
      actionpack (= 4.0.5)
      mail (~> 2.5.4)
    actionpack (4.0.5)
      activesupport (= 4.0.5)
      builder (~> 3.1.0)
      erubis (~> 2.7.0)
      rack (~> 1.5.2)
      rack-test (~> 0.6.2)
    activemodel (4.0.5)
      activesupport (= 4.0.5)
      builder (~> 3.1.0)
    activerecord (4.0.5)
      activemodel (= 4.0.5)
      activerecord-deprecated_finders (~> 1.0.2)
      activesupport (= 4.0.5)
      arel (~> 4.0.0)
    activerecord-deprecated_finders (1.0.3)
    activesupport (4.0.5)
      i18n (~> 0.6, >= 0.6.9)
      minitest (~> 4.2)
      multi_json (~> 1.3)
      thread_safe (~> 0.1)
      tzinfo (~> 0.3.37)
    addressable (2.3.6)
    arel (4.0.2)
    autoprefixer-rails (2.0.1.20140626)
      execjs
    bcrypt (3.1.7)
    binding_of_caller (0.7.2)
      debug_inspector (>= 0.0.1)
    bootstrap-sass (3.2.0.0)
      sass (~> 3.2)
    builder (3.1.4)
    byebug (2.7.0)
      columnize (~> 0.3)
      debugger-linecache (~> 1.2)
    callsite (0.0.11)
    cancan (1.6.10)
    carrierwave (0.9.0)
      activemodel (>= 3.2.0)
      activesupport (>= 3.2.0)
      json (>= 1.7)
    celluloid (0.15.2)
      timers (~> 1.1.0)
    coderay (1.1.0)
    coffee-rails (4.0.1)
      coffee-script (>= 2.2.0)
      railties (>= 4.0.0, < 5.0)
    coffee-script (2.2.0)
      coffee-script-source
      execjs
    coffee-script-source (1.7.0)
    columnize (0.8.9)
    connection_pool (2.0.0)
    debug_inspector (0.0.2)
    debugger-linecache (1.2.0)
    devise (3.2.4)
      bcrypt (~> 3.0)
      orm_adapter (~> 0.1)
      railties (>= 3.2.6, < 5)
      thread_safe (~> 0.1)
      warden (~> 1.2.3)
    erubis (2.7.0)
    excon (0.13.4)
    execjs (2.2.1)
    faraday (0.9.0)
      multipart-post (>= 1.2, < 3)
    fog (1.3.1)
      builder
      excon (~> 0.13.0)
      formatador (~> 0.2.0)
      mime-types
      multi_json (~> 1.0)
      net-scp (~> 1.0.4)
      net-ssh (>= 2.1.3)
      nokogiri (~> 1.5.0)
      ruby-hmac
    formatador (0.2.4)
    haml (4.0.5)
      tilt
    haml-rails (0.5.3)
      actionpack (>= 4.0.1)
      activesupport (>= 4.0.1)
      haml (>= 3.1, < 5.0)
      railties (>= 4.0.1)
    hashie (2.1.2)
    high_voltage (2.2.0)
    hike (1.2.3)
    hirb (0.7.2)
    httparty (0.13.1)
      json (~> 1.8)
      multi_xml (>= 0.5.2)
    i18n (0.6.9)
    jbuilder (1.5.3)
      activesupport (>= 3.0.0)
      multi_json (>= 1.2.0)
    jquery-fileupload-rails (0.4.1)
      actionpack (>= 3.1)
      railties (>= 3.1)
    jquery-rails (3.1.1)
      railties (>= 3.0, < 5.0)
      thor (>= 0.14, < 2.0)
    json (1.8.1)
    jwt (1.0.0)
    launchy (2.4.2)
      addressable (~> 2.3)
    letter_opener (1.2.0)
      launchy (~> 2.2)
    mail (2.5.4)
      mime-types (~> 1.16)
      treetop (~> 1.4.8)
    meta_request (0.3.0)
      callsite
      rack-contrib
      railties
    method_source (0.8.2)
    mime-types (1.25.1)
    minitest (4.7.5)
    multi_json (1.10.1)
    multi_xml (0.5.5)
    multipart-post (2.0.0)
    net-scp (1.0.4)
      net-ssh (>= 1.99.1)
    net-ssh (2.9.1)
    nokogiri (1.5.11)
    oauth2 (0.9.4)
      faraday (>= 0.8, < 0.10)
      jwt (~> 1.0)
      multi_json (~> 1.3)
      multi_xml (~> 0.5)
      rack (~> 1.2)
    omniauth (1.2.1)
      hashie (>= 1.2, < 3)
      rack (~> 1.0)
    omniauth-facebook (1.6.0)
      omniauth-oauth2 (~> 1.1)
    omniauth-oauth2 (1.1.2)
      faraday (>= 0.8, < 0.10)
      multi_json (~> 1.3)
      oauth2 (~> 0.9.3)
      omniauth (~> 1.2)
    orm_adapter (0.5.0)
    pg (0.17.1)
    polyamorous (1.0.0)
      activerecord (>= 3.0)
    polyglot (0.3.5)
    pry (0.10.0)
      coderay (~> 1.1.0)
      method_source (~> 0.8.1)
      slop (~> 3.4)
    pry-byebug (1.3.3)
      byebug (~> 2.7)
      pry (~> 0.10)
    pry-rails (0.3.2)
      pry (>= 0.9.10)
    rack (1.5.2)
    rack-contrib (1.1.0)
      rack (>= 0.9.1)
    rack-protection (1.5.3)
      rack
    rack-test (0.6.2)
      rack (>= 1.0)
    rails (4.0.5)
      actionmailer (= 4.0.5)
      actionpack (= 4.0.5)
      activerecord (= 4.0.5)
      activesupport (= 4.0.5)
      bundler (>= 1.3.0, < 2.0)
      railties (= 4.0.5)
      sprockets-rails (~> 2.0.0)
    rails_12factor (0.0.2)
      rails_serve_static_assets
      rails_stdout_logging
    rails_serve_static_assets (0.0.2)
    rails_stdout_logging (0.0.3)
    railties (4.0.5)
      actionpack (= 4.0.5)
      activesupport (= 4.0.5)
      rake (>= 0.8.7)
      thor (>= 0.18.1, < 2.0)
    rake (10.3.2)
    ransack (1.2.3)
      actionpack (>= 3.0)
      activerecord (>= 3.0)
      activesupport (>= 3.0)
      i18n
      polyamorous (~> 1.0.0)
    rdoc (4.1.1)
      json (~> 1.4)
    redis (3.1.0)
    redis-namespace (1.5.0)
      redis (~> 3.0, >= 3.0.4)
    rmagick (2.13.2)
    ruby-hmac (0.4.0)
    sass (3.2.19)
    sass-rails (4.0.3)
      railties (>= 4.0.0, < 5.0)
      sass (~> 3.2.0)
      sprockets (~> 2.8, <= 2.11.0)
      sprockets-rails (~> 2.0)
    sdoc (0.4.0)
      json (~> 1.8)
      rdoc (~> 4.0, < 5.0)
    sidekiq (3.1.4)
      celluloid (>= 0.15.2)
      connection_pool (>= 2.0.0)
      json
      redis (>= 3.0.6)
      redis-namespace (>= 1.3.1)
    sinatra (1.4.5)
      rack (~> 1.4)
      rack-protection (~> 1.4)
      tilt (~> 1.3, >= 1.3.4)
    slop (3.5.0)
    sprockets (2.11.0)
      hike (~> 1.2)
      multi_json (~> 1.0)
      rack (~> 1.0)
      tilt (~> 1.1, != 1.3.0)
    sprockets-rails (2.0.1)
      actionpack (>= 3.0)
      activesupport (>= 3.0)
      sprockets (~> 2.8)
    thor (0.19.1)
    thread_safe (0.3.4)
    tilt (1.4.1)
    timers (1.1.0)
    treetop (1.4.15)
      polyglot
      polyglot (>= 0.3.1)
    tzinfo (0.3.39)
    uglifier (2.5.1)
      execjs (>= 0.3.0)
      json (>= 1.8.0)
    warden (1.2.3)
      rack (>= 1.0)

PLATFORMS
  ruby

DEPENDENCIES
  autoprefixer-rails
  binding_of_caller
  bootstrap-sass (~> 3.2.0)
  cancan
  carrierwave
  coffee-rails (~> 4.0.0)
  devise
  fog
  haml-rails
  high_voltage (~> 2.2.0)
  hirb
  httparty
  jbuilder (~> 1.2)
  jquery-fileupload-rails
  jquery-rails
  letter_opener
  meta_request
  omniauth-facebook
  pg
  pry-byebug
  pry-rails
  rails (= 4.0.5)
  rails_12factor
  ransack
  rmagick
  sass-rails (~> 4.0.2)
  sdoc
  sidekiq
  sinatra
  uglifier (>= 1.3.0)
